GEM
  remote: https://www.rubygems.org/
  specs:
    coderay (1.1.3)
    mail (2.7.1)
      mini_mime (>= 0.1.1)
    method_source (1.0.0)
    mini_mime (1.0.2)
    pry (0.14.0)
      coderay (~> 1.1)
      method_source (~> 1.0)

PLATFORMS
  ruby

DEPENDENCIES
  mail
  pry

BUNDLED WITH
   2.1.2
